PATH
  remote: .
  specs:
    screenshotone (0.0.1)

GEM
  remote: https://rubygems.org/
  specs:
    minitest (5.16.3)
    rake (13.0.6)

PLATFORMS
  ruby

DEPENDENCIES
  minitest (~> 5.16.3)
  rake (~> 13.0.6)
  screenshotone!

BUNDLED WITH
   2.3.26
